GEM
  remote: https://rubygems.org/
  specs:
    byebug (11.0.1)
    minitest (5.14.0)
    rake (13.0.1)

PLATFORMS
  ruby

DEPENDENCIES
  byebug
  minitest
  rake

BUNDLED WITH
   2.0.2
